GEM
  remote: https://rubygems.org/
  specs:
    rb-fsevent (0.9.1)
    redcarpet (2.2.2)
    sass (3.2.7)

PLATFORMS
  ruby

DEPENDENCIES
  rb-fsevent
  redcarpet
  sass
